GEM
  remote: https://rubygems.org/
  specs:
    CFPropertyList (2.3.5)
    addressable (2.5.2)
      public_suffix (>= 2.0.2, < 4.0)
    backports (3.8.0)
    daemons (1.2.4)
    em-websocket (0.3.8)
      addressable (>= 2.1.1)
      eventmachine (>= 0.12.9)
    eventmachine (1.2.5)
    multi_json (1.12.1)
    mustermann (1.0.1)
    public_suffix (3.0.0)
    rack (2.0.3)
    rack-protection (2.0.0)
      rack
    sinatra (2.0.0)
      mustermann (~> 1.0)
      rack (~> 2.0)
      rack-protection (= 2.0.0)
      tilt (~> 2.0)
    sinatra-contrib (2.0.0)
      backports (>= 2.0)
      multi_json
      mustermann (~> 1.0)
      rack-protection (= 2.0.0)
      sinatra (= 2.0.0)
      tilt (>= 1.3, < 3)
    sinatra-websocket (0.3.1)
      em-websocket (~> 0.3.6)
      eventmachine
      thin (>= 1.3.1, < 2.0.0)
    thin (1.7.2)
      daemons (~> 1.0, >= 1.0.9)
      eventmachine (~> 1.0, >= 1.0.4)
      rack (>= 1, < 3)
    tilt (2.0.8)

PLATFORMS
  ruby

DEPENDENCIES
  CFPropertyList
  em-websocket
  sinatra
  sinatra-contrib
  sinatra-websocket (~> 0.3)

BUNDLED WITH
   1.15.4
